GEM
  remote: https://rubygems.org/
  specs:
    coffee-script (2.3.0)
      coffee-script-source
      execjs
    coffee-script-source (1.8.0)
    execjs (2.2.1)
    filewatcher (0.3.4)
      trollop (~> 2.0)
    sass (3.4.5)
    trollop (2.0)

PLATFORMS
  ruby

DEPENDENCIES
  coffee-script
  filewatcher
  sass
